GEM
  specs:
    dotenv (2.7.6)
    google_search_results (2.2.0)
    http-2-next (0.5.0)
    httpx (0.19.8)
      http-2-next (>= 0.4.1)
    json (2.1.0)
    sqlite3 (1.4.2)

PLATFORMS
  x86_64-darwin-21

DEPENDENCIES
  dotenv
  google_search_results
  httpx
  json
  sqlite3

BUNDLED WITH
   2.3.12
